PATH
  remote: .
  specs:
    ruby-secret-service (0.0.3)
      ruby-dbus

GEM
  remote: https://rubygems.org/
  specs:
    diff-lcs (1.2.4)
    excon (0.16.10)
    highline (1.6.19)
    rake (10.1.0)
    rspec (2.14.1)
      rspec-core (~> 2.14.0)
      rspec-expectations (~> 2.14.0)
      rspec-mocks (~> 2.14.0)
    rspec-core (2.14.4)
    rspec-expectations (2.14.0)
      diff-lcs (>= 1.1.3, < 2.0)
    rspec-mocks (2.14.2)
    ruby-dbus (0.9.2)
    woof_util (0.0.16)
      excon (~> 0.16.10)
      highline (~> 1.6.15)

PLATFORMS
  ruby

DEPENDENCIES
  bundler
  rake
  rspec
  ruby-dbus
  ruby-secret-service!
  woof_util
